GEM
  remote: https://rubygems.org/
  specs:
    debug (1.8.0)
      irb (>= 1.5.0)
      reline (>= 0.3.1)
    io-console (0.6.0)
    irb (1.7.4)
      reline (>= 0.3.6)
    reline (0.3.6)
      io-console (~> 0.5)

PLATFORMS
  ruby

DEPENDENCIES
  debug

BUNDLED WITH
   2.1.4
